GEM
  remote: https://gems.ruby-china.com/
  specs:

PLATFORMS
  x86_64-linux

DEPENDENCIES

BUNDLED WITH
   2.4.10
